GEM
  remote: http://rubygems.org/
  specs:
    byebug (2.3.1)
      columnize (~> 0.3.6)
      debugger-linecache (~> 1.2.0)
    chingu (0.8.1)
      crack
      gosu (>= 0.7.25)
      rest-client
    chipmunk (5.3.4.5)
    columnize (0.3.6)
    crack (0.4.1)
      safe_yaml (~> 0.9.0)
    debugger-linecache (1.2.0)
    gosu (0.7.50)
    mime-types (2.0)
    rest-client (1.6.7)
      mime-types (>= 1.16)
    safe_yaml (0.9.7)

PLATFORMS
  ruby

DEPENDENCIES
  byebug
  chingu
  chipmunk
  gosu
